GEM
  remote: https://rubygems.org/
  specs:
    colored (1.2)
    mini_portile (0.5.2)
    nokogiri (1.6.1)
      mini_portile (~> 0.5.0)

PLATFORMS
  ruby

DEPENDENCIES
  colored
  nokogiri
